GEM
  remote: https://rubygems.org/
  specs:
    aws-eventstream (1.0.3)
    aws-sigv4 (1.1.0)
      aws-eventstream (~> 1.0, >= 1.0.2)

PLATFORMS
  ruby

DEPENDENCIES
  aws-sigv4

RUBY VERSION
   ruby 2.7.0p0

BUNDLED WITH
   2.1.2
